GEM
  remote: http://rubygems.org/
  specs:
    RedCloth (4.2.7-x86-mingw32)
    actionmailer (2.3.11)
      actionpack (= 2.3.11)
    actionpack (2.3.11)
      activesupport (= 2.3.11)
      rack (~> 1.1.0)
    activerecord (2.3.11)
      activesupport (= 2.3.11)
    activeresource (2.3.11)
      activesupport (= 2.3.11)
    activesupport (2.3.11)
    coderay (0.9.8)
    hoe (2.10.0)
      rake (~> 0.8)
    i18n (0.4.2)
    mysql (2.8.1-x86-mingw32)
    rack (1.1.0)
    rails (2.3.11)
      actionmailer (= 2.3.11)
      actionpack (= 2.3.11)
      activerecord (= 2.3.11)
      activeresource (= 2.3.11)
      activesupport (= 2.3.11)
      rake (>= 0.8.3)
    rake (0.8.3)
    rubytree (0.5.2)
      hoe (>= 1.3.0)

PLATFORMS
  x86-mingw32

DEPENDENCIES
  RedCloth (~> 4.2.3)
  coderay (~> 0.9.7)
  i18n (= 0.4.2)
  mysql
  rack (= 1.1.0)
  rails (= 2.3.11)
  rake (= 0.8.3)
  rubytree (= 0.5.2)
